NUGET
  remote: https://nuget.org/api/v2
  specs:
    Aether (7.0.1)
    Chiron (5.2.1)
      Aether (>= 7.0.1)
      FParsec (>= 1.0.2)
    FParsec (1.0.2)
    FSharp.Core (3.1.2.5)
    Fuchu (0.6.0.0)
    Http.fs-prerelease (2.3.0)
      FSharp.Core (>= 3.1.2.1)
    NodaTime (1.3.1)
    NuGet.CommandLine (2.8.5)
