NUGET
  remote: https://www.nuget.org/api/v2
  specs:
    Aether (8.1.2)
    Chiron (6.0.2)
      Aether (>= 8.0.2 < 9.0.0)
      FParsec (>= 1.0.0 < 2.0.0)
    FParsec (1.0.2)
    FSharp.Core (3.1.2.5)
    Fuchu (1.0.3)
      FSharp.Core (>= 3.1.2.1)
    Http.fs-prerelease (2.4.1)
      FSharp.Core (>= 3.1.2.1)
    NodaTime (1.3.1)
    NuGet.CommandLine (3.3.0)
