NUGET
  remote: https://www.nuget.org/api/v2
  specs:
    Aether (6.0)
    Chiron (1.0.1)
      Aether (>= 6.0.0)
      FParsec (>= 1.0.1)
      FSharp.Core (>= 3.1.2.1)
    FParsec (1.0.1)
    FSharp.Core (3.1.2.1)
    Fuchu (0.4.0.0)
    Http.fs-prerelease (2.0.0-alpha1)
      FSharp.Core (>= 3.1.2.1)
    NodaTime (1.3.1)
    NuGet.CommandLine (2.8.5)
